GEM
  remote: http://rubygems.org/
  specs:
    activerecord (2.3.8)
      activesupport (= 2.3.8)
    activesupport (2.3.8)
    configuration (1.1.0)
    daemons (1.1.0)
    delayed_job (2.0.3)
      daemons
    heroku (1.10.8)
      json_pure (>= 1.2.0, < 1.5.0)
      launchy (~> 0.3.2)
      rest-client (>= 1.4.0, < 1.7.0)
    json_pure (1.4.6)
    launchy (0.3.7)
      configuration (>= 0.0.5)
      rake (>= 0.8.1)
    mime-types (1.16)
    rack (1.2.1)
    rack-cache (0.5.3)
      rack (>= 0.4)
    rake (0.8.7)
    rest-client (1.6.1)
      mime-types (>= 1.16)
    sinatra (1.0)
      rack (>= 1.0)
    sinatra-captcha (0.1.0.0)
    sqlite3-ruby (1.3.1)

PLATFORMS
  ruby

DEPENDENCIES
  activerecord (= 2.3.8)
  delayed_job
  heroku
  rack-cache
  sinatra
  sinatra-captcha
  sqlite3-ruby
